GEM
  remote: https://rubygems.org/
  specs:
    dotenv (2.7.5)
    json (2.3.0)
    mustermann (1.1.1)
      ruby2_keywords (~> 0.0.1)
    rack (2.2.2)
    rack-protection (2.0.8.1)
      rack
    ruby2_keywords (0.0.2)
    sinatra (2.0.8.1)
      mustermann (~> 1.0)
      rack (~> 2.0)
      rack-protection (= 2.0.8.1)
      tilt (~> 2.0)
    stripe (5.22.0)
    tilt (2.0.10)

PLATFORMS
  x64-mingw32

DEPENDENCIES
  dotenv
  json
  sinatra
  stripe

BUNDLED WITH
   1.17.2
